GEM
  remote: https://rubygems.org/
  specs:
    highline (2.0.3)

PLATFORMS
  arm64-darwin-21

DEPENDENCIES
  highline

BUNDLED WITH
   2.2.3
